PATH
  remote: .
  specs:
    kitsune-kit (0.2.1)
      bcrypt_pbkdf (~> 1.1)
      colorize (~> 1.0.4)
      dotenv (~> 3.0)
      droplet_kit (~> 3.17)
      ed25519 (~> 1.3)
      net-ssh (~> 7.2)
      thor (~> 1.3)

GEM
  remote: https://rubygems.org/
  specs:
    addressable (2.8.7)
      public_suffix (>= 2.0.2, < 7.0)
    aruba (2.3.0)
      bundler (>= 1.17, < 3.0)
      contracts (>= 0.16.0, < 0.18.0)
      cucumber (>= 8.0, < 10.0)
      rspec-expectations (~> 3.4)
      thor (~> 1.0)
    axiom-types (0.1.1)
      descendants_tracker (~> 0.0.4)
      ice_nine (~> 0.11.0)
      thread_safe (~> 0.3, >= 0.3.1)
    bcrypt_pbkdf (1.1.1)
    bigdecimal (3.1.9)
    binding_of_caller (1.0.1)
      debug_inspector (>= 1.2.0)
    builder (3.3.0)
    coderay (1.1.3)
    coercible (1.0.0)
      descendants_tracker (~> 0.0.1)
    colorize (1.0.5)
    contracts (0.17.2)
    cucumber (9.2.1)
      builder (~> 3.2)
      cucumber-ci-environment (> 9, < 11)
      cucumber-core (> 13, < 14)
      cucumber-cucumber-expressions (~> 17.0)
      cucumber-gherkin (> 24, < 28)
      cucumber-html-formatter (> 20.3, < 22)
      cucumber-messages (> 19, < 25)
      diff-lcs (~> 1.5)
      mini_mime (~> 1.1)
      multi_test (~> 1.1)
      sys-uname (~> 1.2)
    cucumber-ci-environment (10.0.1)
    cucumber-core (13.0.3)
      cucumber-gherkin (>= 27, < 28)
      cucumber-messages (>= 20, < 23)
      cucumber-tag-expressions (> 5, < 7)
    cucumber-cucumber-expressions (17.1.0)
      bigdecimal
    cucumber-gherkin (27.0.0)
      cucumber-messages (>= 19.1.4, < 23)
    cucumber-html-formatter (21.9.0)
      cucumber-messages (> 19, < 28)
    cucumber-messages (22.0.0)
    cucumber-tag-expressions (6.1.2)
    debug_inspector (1.2.0)
    descendants_tracker (0.0.4)
      thread_safe (~> 0.3, >= 0.3.1)
    diff-lcs (1.6.1)
    dotenv (3.1.8)
    droplet_kit (3.22.0)
      bigdecimal
      faraday (>= 0.15)
      faraday-retry (~> 2.2.0)
      kartograph (~> 0.2.8)
      resource_kit (~> 0.1.5)
      virtus (>= 1.0.3, <= 3)
    ed25519 (1.3.0)
    faraday (2.13.0)
      faraday-net_http (>= 2.0, < 3.5)
      json
      logger
    faraday-net_http (3.4.0)
      net-http (>= 0.5.0)
    faraday-retry (2.2.1)
      faraday (~> 2.0)
    ffi (1.17.2)
    ffi (1.17.2-x86_64-linux-gnu)
    ice_nine (0.11.2)
    json (2.11.2)
    kartograph (0.2.8)
    logger (1.7.0)
    method_source (1.1.0)
    mini_mime (1.1.5)
    multi_test (1.1.0)
    net-http (0.6.0)
      uri
    net-ssh (7.3.0)
    pry (0.15.2)
      coderay (~> 1.1)
      method_source (~> 1.0)
    pry-stack_explorer (0.6.1)
      binding_of_caller (~> 1.0)
      pry (~> 0.13)
    public_suffix (6.0.1)
    rake (13.2.1)
    resource_kit (0.1.8)
      addressable (>= 2.3.6, < 3.0.0)
    rspec (3.13.0)
      rspec-core (~> 3.13.0)
      rspec-expectations (~> 3.13.0)
      rspec-mocks (~> 3.13.0)
    rspec-core (3.13.3)
      rspec-support (~> 3.13.0)
    rspec-expectations (3.13.3)
      diff-lcs (>= 1.2.0, < 2.0)
      rspec-support (~> 3.13.0)
    rspec-mocks (3.13.2)
      diff-lcs (>= 1.2.0, < 2.0)
      rspec-support (~> 3.13.0)
    rspec-support (3.13.2)
    sys-uname (1.3.1)
      ffi (~> 1.1)
    thor (1.3.2)
    thread_safe (0.3.6)
    uri (1.0.3)
    virtus (2.0.0)
      axiom-types (~> 0.1)
      coercible (~> 1.0)
      descendants_tracker (~> 0.0, >= 0.0.3)

PLATFORMS
  ruby
  x86_64-linux

DEPENDENCIES
  aruba (~> 2.2)
  kitsune-kit!
  pry (~> 0.14)
  pry-stack_explorer (~> 0.6.0)
  rake (~> 13.0)
  rspec (~> 3.12)

BUNDLED WITH
   2.5.22
